RESTRICTION: == netstandard2.0

GROUP TShockDependencies
RESTRICTION: == net472
NUGET
  remote: https://api.nuget.org/v3/index.json
    Microsoft.Bcl.AsyncInterfaces (6.0)
      System.Threading.Tasks.Extensions (>= 4.5.4)
    Pipelines.Sockets.Unofficial (2.2.2)
      System.IO.Pipelines (>= 5.0.1)
    StackExchange.Redis (2.2.88)
      Microsoft.Bcl.AsyncInterfaces (>= 5.0)
      Pipelines.Sockets.Unofficial (>= 2.2)
      System.Diagnostics.PerformanceCounter (>= 5.0)
      System.IO.Compression (>= 4.3)
      System.Threading.Channels (>= 5.0)
    System.Buffers (4.5.1)
    System.Diagnostics.PerformanceCounter (6.0)
    System.IO.Compression (4.3)
    System.IO.Pipelines (6.0.1)
      System.Buffers (>= 4.5.1)
      System.Memory (>= 4.5.4)
      System.Threading.Tasks.Extensions (>= 4.5.4)
    System.Memory (4.5.4)
      System.Buffers (>= 4.5.1)
      System.Numerics.Vectors (>= 4.5)
      System.Runtime.CompilerServices.Unsafe (>= 4.5.3)
    System.Numerics.Vectors (4.5)
    System.Runtime.CompilerServices.Unsafe (6.0)
    System.Threading.Channels (6.0)
      System.Threading.Tasks.Extensions (>= 4.5.4)
    System.Threading.Tasks.Extensions (4.5.4)
      System.Runtime.CompilerServices.Unsafe (>= 4.5.3)
HTTP
  remote: https://github.com
    TShock/TShock.zip (/Pryaxis/TShock/releases/download/v4.5.12/TShock4.5.12_Terraria1.4.3.2.zip)